{
	"Modality": "MR",
	"MagneticFieldStrength": 3,
	"ImagingFrequency": 127.781,
	"Manufacturer": "GE",
	"ManufacturersModelName": "SIGNA Premier",
	"InstitutionName": "Mayo Clinic in Rochester MR33",
	"DeviceSerialNumber": "00000000MR129033",
	"StationName": "MR33-129033",
	"BodyPartExamined": "BRAIN",
	"PatientPosition": "HFP",
	"SoftwareVersions": "29\\LX\\RX29.1_R02_2131.a",
	"MRAcquisitionType": "3D",
	"SeriesDescription": "Cor 3D MPRAGE",
	"ScanningSequence": "RM\\IR",
	"SequenceVariant": "NONE",
	"ScanOptions": "EDR_GEMS\\FILTERED_GEMS\\FSR_GEMS\\IR_GEMS",
	"PulseSequenceName": "MP-RAGE",
	"ImageType": ["ORIGINAL", "PRIMARY", "OTHER"],
	"SeriesNumber": 2,
	"AcquisitionTime": "09:10:45.000000",
	"AcquisitionNumber": 1,
	"SliceThickness": 0.8,
	"SpacingBetweenSlices": 0.8,
	"SAR": 0.216773,
	"NumberOfAverages": 2,
	"EchoTime": 0.003432,
	"RepetitionTime": 2.5613,
	"InversionTime": 0.9,
	"FlipAngle": 8,
	"ShimSetting": [
		-104,
		-170,
		-79	],
	"PrescanReuseString": "RN/s1,Coil/s1",
	"CoilString": "Mayo 8Ch GW A",
	"NumberOfExcitations": 2,
	"PercentPhaseFOV": 100,
	"PercentSampling": 100,
	"AcquisitionMatrixPE": 300,
	"ReconMatrixPE": 512,
	"PixelBandwidth": 122.07,
	"ImageOrientationPatientDICOM": [
		-1,
		-0,
		0,
		-0,
		-1,
		0	],
	"InPlanePhaseEncodingDirectionDICOM": "COL",
	"ConversionSoftware": "dcm2niix",
	"ConversionSoftwareVersion": "v1.0.20220720"
}
