{
	"Modality": "MR",
	"MagneticFieldStrength": 3,
	"ImagingFrequency": 127.781,
	"Manufacturer": "GE",
	"BodyPartExamined": "BRAIN",
	"PatientPosition": "HFP",
	"MRAcquisitionType": "3D",
	"SeriesDescription": "Cor 3D MPRAGE",
	"ScanningSequence": "RM\\IR",
	"SequenceVariant": "NONE",
	"ScanOptions": "EDR_GEMS\\FILTERED_GEMS\\FSP_GEMS\\IR_GEMS",
	"PulseSequenceName": "MP-RAGE",
	"ImageType": ["ORIGINAL", "PRIMARY", "OTHER"],
	"SeriesNumber": 2,
	"AcquisitionTime": "13:10:48.000000",
	"AcquisitionNumber": 1,
	"SliceThickness": 0.8,
	"SpacingBetweenSlices": 0.8,
	"SAR": 0.0604535,
	"NumberOfAverages": 2,
	"EchoTime": 0.003432,
	"RepetitionTime": 2.8053,
	"InversionTime": 1.063,
	"FlipAngle": 8,
	"CoilString": "Mayo 8Ch GW A",
	"PercentPhaseFOV": 100,
	"PercentSampling": 100,
	"AcquisitionMatrixPE": 300,
	"ReconMatrixPE": 512,
	"PixelBandwidth": 122.07,
	"ImageOrientationPatientDICOM": [
		-1,
		-0,
		0,
		-0,
		-1,
		0	],
	"InPlanePhaseEncodingDirectionDICOM": "ROW",
	"ConversionSoftware": "dcm2niix",
	"ConversionSoftwareVersion": "v1.0.20201102"
}
