{
	"Modality": "MR",
	"MagneticFieldStrength": 3,
	"ImagingFrequency": 127.782,
	"Manufacturer": "GE",
	"BodyPartExamined": "BRAIN",
	"PatientPosition": "HFP",
	"MRAcquisitionType": "3D",
	"SeriesDescription": "Cor 3D MPRAGE",
	"ScanningSequence": "RM\\IR",
	"SequenceVariant": "NONE",
	"ScanOptions": "EDR_GEMS\\FILTERED_GEMS\\FSR_GEMS\\IR_GEMS",
	"PulseSequenceName": "MP-RAGE",
	"ImageType": ["ORIGINAL", "PRIMARY", "OTHER"],
	"AcquisitionTime": "",
	"AcquisitionDateTime": "",
	"AcquisitionNumber": 1,
	"SliceThickness": 1.58,
	"SpacingBetweenSlices": 0.8,
	"SAR": 0.265697,
	"NumberOfAverages": 2,
	"EchoTime": 0.003432,
	"RepetitionTime": 2.16458,
	"InversionTime": 0.9,
	"FlipAngle": 8,
	"ShimSetting": [
		-7,
		2,
		25	],
	"NumberOfExcitations": 2,
	"PercentPhaseFOV": 80,
	"PercentSampling": 100,
	"AcquisitionMatrixPE": 300,
	"ReconMatrixPE": 512,
	"PixelBandwidth": 122.07,
	"ImageOrientationPatientDICOM": [
		-1,
		-0,
		0,
		-0,
		-1,
		0	],
	"InPlanePhaseEncodingDirectionDICOM": "COL",
	"ConversionSoftware": "dcm2niix",
	"ConversionSoftwareVersion": "v1.0.20220720"
}
